GEM
  remote: https://gems.ruby-china.com/
  specs:
    RedCloth (4.3.2)
    albino (1.3.3)
      posix-spawn (>= 0.3.6)
    chunky_png (1.4.0)
    classifier (1.3.5)
      fast-stemmer (~> 1.0.0)
      mathn
      rake
    compass (0.12.2)
      chunky_png (~> 1.2)
      fssm (>= 0.2.7)
      sass (~> 3.1)
    directory_watcher (1.4.1)
    fast-stemmer (1.0.2)
    ffi (1.15.4)
    fssm (0.2.10)
    haml (3.1.8)
    jekyll (0.12.1)
      classifier (~> 1.3)
      directory_watcher (~> 1.1)
      kramdown (~> 0.14)
      liquid (~> 2.3)
      maruku (~> 0.5)
      pygments.rb (~> 0.3.2)
    kramdown (0.14.2)
    liquid (2.3.0)
    maruku (0.7.3)
    mathn (0.1.0)
    nio4r (2.5.8)
    posix-spawn (0.3.15)
    puma (5.6.2)
      nio4r (~> 2.0)
    pygments.rb (0.3.7)
      posix-spawn (~> 0.3.6)
      yajl-ruby (~> 1.1.0)
    rack (1.6.13)
    rack-protection (1.5.5)
      rack
    rake (0.9.6)
    rb-fsevent (0.11.0)
    rb-inotify (0.10.1)
      ffi (~> 1.0)
    rdiscount (2.2.0.2)
    redcarpet (3.5.1)
    rubypants (0.2.0)
    sass (3.7.4)
      sass-listen (~> 4.0.0)
    sass-globbing (1.0.0)
      sass (>= 3.1)
    sass-listen (4.0.0)
      rb-fsevent (~> 0.9, >= 0.9.4)
      rb-inotify (~> 0.9, >= 0.9.7)
    sinatra (1.4.8)
      rack (~> 1.5)
      rack-protection (~> 1.4)
      tilt (>= 1.3, < 3)
    stringex (1.4.0)
    tilt (2.0.10)
    yajl-ruby (1.1.0)

PLATFORMS
  -darwin-21
  ruby
  x86_64-linux

DEPENDENCIES
  RedCloth (~> 4.3.0)
  albino
  compass (~> 0.12.2)
  directory_watcher (= 1.4.1)
  haml (~> 3.1.7)
  jekyll (~> 0.12)
  liquid (~> 2.3.0)
  puma
  pygments.rb (~> 0.3.4)
  rake (~> 0.9)
  rb-fsevent (~> 0.9)
  rdiscount (= 2.2.0.2)
  redcarpet (~> 3.5.1)
  rubypants (~> 0.2.0)
  sass (~> 3.2)
  sass-globbing (~> 1.0.0)
  sinatra (~> 1.4.2)
  stringex (~> 1.4.0)

BUNDLED WITH
   2.3.4
